GEM
  remote: http://rubygems.org/
  specs:
    dropbox-sdk (1.2)
      json
    json (1.6.5)
    rack (1.4.0)
    rack-protection (1.2.0)
      rack
    sinatra (1.3.2)
      rack (>= 1.3.6, ~> 1.3)
      rack-protection (~> 1.2)
      tilt (>= 1.3.3, ~> 1.3)
    tilt (1.3.3)

PLATFORMS
  ruby

DEPENDENCIES
  dropbox-sdk
  sinatra
